GEM
  remote: https://rubygems.org/
  specs:
    daemons (1.1.9)
    dogapi (1.15.0)
      json (>= 1.5.1)
    dotenv (1.0.2)
    eventmachine (1.0.7)
    foreman (0.77.0)
      dotenv (~> 1.0.2)
      thor (~> 0.19.1)
    json (1.8.2)
    rack (1.6.0)
    rack-protection (1.5.3)
      rack
    sinatra (1.4.5)
      rack (~> 1.4)
      rack-protection (~> 1.4)
      tilt (~> 1.3, >= 1.3.4)
    thin (1.6.3)
      daemons (~> 1.0, >= 1.0.9)
      eventmachine (~> 1.0)
      rack (~> 1.0)
    thor (0.19.1)
    tilt (1.4.1)

PLATFORMS
  ruby

DEPENDENCIES
  dogapi
  foreman
  json
  sinatra
  thin
